GEM
  remote: https://rubygems.org/
  specs:
    diff-lcs (1.5.0)
    prettier_print (1.0.2)
    profile (0.4.0)
    rspec (3.12.0)
      rspec-core (~> 3.12.0)
      rspec-expectations (~> 3.12.0)
      rspec-mocks (~> 3.12.0)
    rspec-core (3.12.0)
      rspec-support (~> 3.12.0)
    rspec-expectations (3.12.0)
      diff-lcs (>= 1.2.0, < 2.0)
      rspec-support (~> 3.12.0)
    rspec-mocks (3.12.0)
      diff-lcs (>= 1.2.0, < 2.0)
      rspec-support (~> 3.12.0)
    rspec-support (3.12.0)
    syntax_tree (4.3.0)
      prettier_print (>= 1.0.2)

PLATFORMS
  arm64-darwin-21

DEPENDENCIES
  profile
  rspec
  syntax_tree

BUNDLED WITH
   2.3.22
